GEM
  remote: https://rubygems.org/
  specs:
    json (1.8.3)
    mustache (1.0.2)
    power_assert (0.2.7)
    rack (1.6.4)
    rack-protection (1.5.3)
      rack
    rake (10.5.0)
    sinatra (1.4.7)
      rack (~> 1.5)
      rack-protection (~> 1.4)
      tilt (>= 1.3, < 3)
    test-unit (3.1.7)
      power_assert
    tilt (2.0.2)
    watchr (0.7)

PLATFORMS
  ruby

DEPENDENCIES
  json
  mustache
  rake
  sinatra
  test-unit
  watchr

BUNDLED WITH
   1.11.2
